PATH
  remote: .
  specs:
    mongoid-multitenancy (0.3.3)
      mongoid (~> 3)

GEM
  remote: https://rubygems.org/
  specs:
    activemodel (3.2.15)
      activesupport (= 3.2.15)
      builder (~> 3.0.0)
    activesupport (3.2.15)
      i18n (~> 0.6, >= 0.6.4)
      multi_json (~> 1.0)
    builder (3.0.4)
    database_cleaner (1.2.0)
    diff-lcs (1.2.4)
    i18n (0.6.5)
    mongoid (3.1.5)
      activemodel (~> 3.2)
      moped (~> 1.4)
      origin (~> 1.0)
      tzinfo (~> 0.3.29)
    mongoid-rspec (1.9.0)
      mongoid (>= 3.0.1)
      rake
      rspec (>= 2.14)
    moped (1.5.1)
    multi_json (1.8.2)
    origin (1.1.0)
    rake (10.1.0)
    redcarpet (2.3.0)
    rspec (2.14.1)
      rspec-core (~> 2.14.0)
      rspec-expectations (~> 2.14.0)
      rspec-mocks (~> 2.14.0)
    rspec-core (2.14.6)
    rspec-expectations (2.14.3)
      diff-lcs (>= 1.1.3, < 2.0)
    rspec-mocks (2.14.4)
    tzinfo (0.3.38)
    yard (0.8.7.2)

PLATFORMS
  ruby

DEPENDENCIES
  database_cleaner (~> 1.0)
  mongoid-multitenancy!
  mongoid-rspec (~> 1.5)
  rake (~> 10.0)
  redcarpet (~> 2.2)
  rspec (~> 2.12)
  yard (~> 0.8)
