PATH
  remote: .
  specs:
    mongoid-multitenancy (0.1)
      mongoid (~> 3)

GEM
  remote: https://rubygems.org/
  specs:
    activemodel (3.2.9)
      activesupport (= 3.2.9)
      builder (~> 3.0.0)
    activesupport (3.2.9)
      i18n (~> 0.6)
      multi_json (~> 1.0)
    builder (3.0.4)
    database_cleaner (0.9.1)
    diff-lcs (1.1.3)
    i18n (0.6.1)
    mongoid (3.0.14)
      activemodel (~> 3.1)
      moped (~> 1.1)
      origin (~> 1.0)
      tzinfo (~> 0.3.22)
    mongoid-rspec (1.5.5)
      mongoid (>= 3.0.1)
      rake
      rspec (>= 2.9)
    moped (1.3.1)
    multi_json (1.5.0)
    origin (1.0.11)
    rake (10.0.3)
    redcarpet (2.2.2)
    rspec (2.12.0)
      rspec-core (~> 2.12.0)
      rspec-expectations (~> 2.12.0)
      rspec-mocks (~> 2.12.0)
    rspec-core (2.12.1)
    rspec-expectations (2.12.0)
      diff-lcs (~> 1.1.3)
    rspec-mocks (2.12.0)
    tzinfo (0.3.35)
    yard (0.8.3)

PLATFORMS
  ruby

DEPENDENCIES
  database_cleaner (~> 0.9)
  mongoid-multitenancy!
  mongoid-rspec (~> 1.5)
  rake (~> 10.0)
  redcarpet (~> 2.2)
  rspec (~> 2.12)
  yard (~> 0.8)
